GEM
  remote: http://rubygems.org/
  specs:
    activesupport (3.2.1)
      i18n (~> 0.6)
      multi_json (~> 1.0)
    addressable (2.2.6)
    faraday (0.7.6)
      addressable (~> 2.2)
      multipart-post (~> 1.1)
      rack (~> 1.1)
    ffi (1.0.11)
    i18n (0.6.0)
    multi_json (1.0.4)
    multipart-post (1.1.4)
    natto (0.9.2)
      ffi (>= 0.6.3)
    rack (1.4.1)
    redis (2.2.2)
    redis-objects (0.5.2)
      redis (>= 2.1.1)
    simple_oauth (0.1.5)
    thor (0.14.6)
    twitter (2.1.0)
      activesupport (>= 2.3.9, < 4)
      faraday (~> 0.7)
      multi_json (~> 1.0)
      simple_oauth (~> 0.1)

PLATFORMS
  ruby

DEPENDENCIES
  natto (~> 0.9.2)
  redis-objects (~> 0.5.2)
  thor (~> 0.14.6)
  twitter (~> 2.1.0)
